GIT
  remote: https://${ghes_host}/${ghes_org}/ghes-private-package-gem-on-ghes-instance
  revision: 63db43ab77623bd3d0d9d31db381a3670585fc25
  branch: main
  tag: v1.0.0
  specs:
    ghes-private-package-gem-on-ghes-instance (1.0.0)

GEM
  remote: https://rubygems.org/
  specs:

PLATFORMS
  ruby

DEPENDENCIES
  ghes-private-package-gem-on-ghes-instance!

BUNDLED WITH
   2.1.2
